GIT
  remote: git://github.com/chinthakagodawita/specinfra.git
  revision: 7c7ab46af331283c77f8b331497e0062e542153b
  branch: feature/lxc-docker-exec
  specs:
    specinfra (2.43.2)
      net-scp
      net-ssh (~> 2.7)
      net-telnet
      sfl

GEM
  remote: https://rubygems.org/
  specs:
    builder (3.2.2)
    diff-lcs (1.2.5)
    docker-api (1.22.4)
      excon (>= 0.38.0)
      json
    excon (0.45.4)
    json (1.8.3)
    multi_json (1.11.2)
    net-scp (1.2.1)
      net-ssh (>= 2.6.5)
    net-ssh (2.9.2)
    net-telnet (0.1.1)
    rake (10.4.2)
    rspec (3.3.0)
      rspec-core (~> 3.3.0)
      rspec-expectations (~> 3.3.0)
      rspec-mocks (~> 3.3.0)
    rspec-core (3.3.2)
      rspec-support (~> 3.3.0)
    rspec-expectations (3.3.1)
      diff-lcs (>= 1.2.0, < 2.0)
      rspec-support (~> 3.3.0)
    rspec-its (1.2.0)
      rspec-core (>= 3.0.0)
      rspec-expectations (>= 3.0.0)
    rspec-mocks (3.3.2)
      diff-lcs (>= 1.2.0, < 2.0)
      rspec-support (~> 3.3.0)
    rspec-support (3.3.0)
    rspec_junit_formatter (0.2.3)
      builder (< 4)
      rspec-core (>= 2, < 4, != 2.12.0)
    serverspec (2.23.1)
      multi_json
      rspec (~> 3.0)
      rspec-its
      specinfra (~> 2.43)
    sfl (2.2)

PLATFORMS
  ruby

DEPENDENCIES
  docker-api
  rake
  rspec_junit_formatter
  serverspec
  specinfra!
